GEM
  remote: https://rubygems.org/
  specs:
    RedCloth (4.3.2)
    builder (3.2.4)
    charlock_holmes (0.7.7)
    concurrent-ruby (1.1.7)
    crass (1.0.6)
    escape_utils (1.2.1)
    execjs (2.7.0)
    expression_parser (0.9.0)
    faraday (1.1.0)
      multipart-post (>= 1.2, < 3)
      ruby2_keywords
    ffi (1.13.1)
    gemojione (4.3.3)
      json
    github-linguist (7.11.1)
      charlock_holmes (~> 0.7.7)
      escape_utils (~> 1.2.0)
      mini_mime (~> 1.0)
      rugged (>= 0.25.1)
    github-markdown (0.6.9)
    github-markup (3.0.4)
    gollum (5.1.1)
      gemojione (~> 4.1)
      gollum-lib (~> 5.0)
      kramdown (~> 2.3)
      kramdown-parser-gfm (~> 1.0.0)
      mustache (>= 0.99.5, < 1.0.0)
      octicons (~> 8.5)
      rss (~> 0.2.9)
      sass (~> 3.5)
      sinatra (~> 2.0)
      sinatra-contrib (~> 2.0)
      sprockets (~> 3.7)
      sprockets-helpers (~> 1.2)
      therubyrhino (~> 2.1.0)
      uglifier (~> 3.2)
      useragent (~> 0.16.2)
    gollum-lib (5.0.6)
      gemojione (~> 4.1)
      github-markup (~> 3.0)
      gollum-rugged_adapter (~> 1.0)
      loofah (~> 2.3)
      nokogiri (~> 1.8)
      octicons (~> 8.5)
      rouge (~> 3.1)
      twitter-text (= 1.14.7)
    gollum-rugged_adapter (1.0)
      mime-types (>= 1.15)
      rugged (~> 0.99)
    hashie (4.1.0)
    htmlentities (4.3.4)
    json (2.3.1)
    jwt (2.2.2)
    kgio (2.11.3)
    kramdown (2.3.0)
      rexml
    kramdown-parser-gfm (1.0.1)
      kramdown (~> 2.0)
    loofah (2.7.0)
      crass (~> 1.0.2)
      nokogiri (>= 1.5.9)
    mime-types (3.3.1)
      mime-types-data (~> 3.2015)
    mime-types-data (3.2020.0512)
    mini_mime (1.0.2)
    mini_portile2 (2.4.0)
    multi_json (1.15.0)
    multi_xml (0.6.0)
    multipart-post (2.1.1)
    mustache (0.99.8)
    mustermann (1.1.1)
      ruby2_keywords (~> 0.0.1)
    nokogiri (1.10.10)
      mini_portile2 (~> 2.4.0)
    oauth2 (1.4.4)
      faraday (>= 0.8, < 2.0)
      jwt (>= 1.0, < 3.0)
      multi_json (~> 1.3)
      multi_xml (~> 0.5)
      rack (>= 1.2, < 3)
    octicons (8.5.0)
      nokogiri (>= 1.6.3.1)
    omniauth (1.9.1)
      hashie (>= 3.4.6)
      rack (>= 1.6.2, < 3)
    omniauth-google-oauth2 (0.8.0)
      jwt (>= 2.0)
      omniauth (>= 1.1.1)
      omniauth-oauth2 (>= 1.6)
    omniauth-oauth2 (1.7.0)
      oauth2 (~> 1.4)
      omniauth (~> 1.9)
    omnigollum (0.1.6)
      gollum
      mustache (>= 0.99.5)
      omniauth
    rack (2.2.3)
    rack-protection (2.1.0)
      rack
    raindrops (0.19.1)
    rb-fsevent (0.10.4)
    rb-inotify (0.10.1)
      ffi (~> 1.0)
    rexml (3.2.4)
    rouge (3.24.0)
    rss (0.2.9)
      rexml
    ruby2_keywords (0.0.2)
    rugged (0.99.0)
    sass (3.7.4)
      sass-listen (~> 4.0.0)
    sass-listen (4.0.0)
      rb-fsevent (~> 0.9, >= 0.9.4)
      rb-inotify (~> 0.9, >= 0.9.7)
    sinatra (2.1.0)
      mustermann (~> 1.0)
      rack (~> 2.2)
      rack-protection (= 2.1.0)
      tilt (~> 2.0)
    sinatra-contrib (2.1.0)
      multi_json
      mustermann (~> 1.0)
      rack-protection (= 2.1.0)
      sinatra (= 2.1.0)
      tilt (~> 2.0)
    sprockets (3.7.2)
      concurrent-ruby (~> 1.0)
      rack (> 1, < 3)
    sprockets-helpers (1.4.0)
      sprockets (>= 2.2)
    therubyrhino (2.1.2)
      therubyrhino_jar (>= 1.7.4, < 1.7.9)
    therubyrhino_jar (1.7.8)
    tilt (2.0.10)
    twitter-text (1.14.7)
      unf (~> 0.1.0)
    uglifier (3.2.0)
      execjs (>= 0.3.0, < 3)
    unf (0.1.4)
      unf_ext
    unf_ext (0.0.7.7)
    unicorn (5.7.0)
      kgio (~> 2.6)
      raindrops (~> 0.7)
    useragent (0.16.10)
    wikicloth (0.8.3)
      builder
      expression_parser
      htmlentities
      nokogiri
      twitter-text

PLATFORMS
  ruby

DEPENDENCIES
  RedCloth (~> 4.3)
  github-linguist (~> 7.11)
  github-markdown (~> 0.6.9)
  github-markup (~> 3.0)
  gollum (~> 5.1)
  omniauth-google-oauth2 (~> 0.8.0)
  omnigollum (~> 0.1.6)
  rack (~> 2.2)
  unicorn (~> 5.7)
  wikicloth (~> 0.8.3)

BUNDLED WITH
   1.17.2
